GEM
  remote: https://rubygems.org/
  specs:
    power_assert (1.1.3)
    test-unit (3.2.9)
      power_assert

PLATFORMS
  ruby

DEPENDENCIES
  test-unit (~> 3.2, >= 3.2.8)

BUNDLED WITH
   1.15.4
